GIT
  remote: git://github.com/ahawkins/chassis.git
  revision: e5a1ac483f9f46fa781387add5dfd11ec384ff69
  specs:
    chassis (0.1.0)
      breaker
      faraday (~> 0.9.0)
      harness
      harness-rack
      logger-better
      manifold
      prox
      rack-contrib
      sinatra
      sinatra-contrib
      virtus
      virtus-dirty_attribute

GEM
  remote: https://rubygems.org/
  specs:
    axiom-types (0.0.5)
      descendants_tracker (~> 0.0.1)
      ice_nine (~> 0.9)
    backports (3.5.0)
    breaker (0.1.0)
    coercible (1.0.0)
      descendants_tracker (~> 0.0.1)
    descendants_tracker (0.0.3)
    equalizer (0.0.9)
    faraday (0.9.0)
      multipart-post (>= 1.2, < 3)
    harness (2.0.0)
      statsd-ruby
    harness-rack (0.1.0)
      harness
    ice_nine (0.11.0)
    logger-better (0.1.0)
    manifold (1.0.2)
    multi_json (1.8.4)
    multipart-post (2.0.0)
    prox (0.0.1)
    rack (1.5.2)
    rack-contrib (1.1.0)
      rack (>= 0.9.1)
    rack-protection (1.5.2)
      rack
    rack-test (0.6.2)
      rack (>= 1.0)
    sinatra (1.4.4)
      rack (~> 1.4)
      rack-protection (~> 1.4)
      tilt (~> 1.3, >= 1.3.4)
    sinatra-contrib (1.4.2)
      backports (>= 2.0)
      multi_json
      rack-protection
      rack-test
      sinatra (~> 1.4.0)
      tilt (~> 1.3)
    statsd-ruby (1.2.1)
    tilt (1.4.1)
    virtus (1.0.1)
      axiom-types (~> 0.0.5)
      coercible (~> 1.0)
      descendants_tracker (~> 0.0.1)
      equalizer (~> 0.0.7)
    virtus-dirty_attribute (0.1.0)
      virtus (~> 1.0.0)

PLATFORMS
  ruby

DEPENDENCIES
  chassis!
